GEM
  remote: https://rubygems.org/
  specs:
    faker (1.6.6)
      i18n (~> 0.5)
    i18n (0.7.0)
    intercom (3.5.10)
      json (>= 1.8)
    json (2.0.3)

PLATFORMS
  ruby

DEPENDENCIES
  faker (~> 1.6.6)
  intercom (~> 3.5.9)

BUNDLED WITH
   1.12.5
