GEM
  remote: https://rubygems.org/
  specs:
    faker (1.6.6)
      i18n (~> 0.5)
    i18n (0.7.0)
    intercom (3.5.10)
      json (>= 1.8)
    json (2.0.3)
    rack (1.6.5)
    rack-protection (1.5.3)
      rack
    sinatra (1.4.8)
      rack (~> 1.5)
      rack-protection (~> 1.4)
      tilt (>= 1.3, < 3)
    tilt (2.0.7)

PLATFORMS
  ruby

DEPENDENCIES
  faker (~> 1.6.6)
  intercom (~> 3.5.9)
  sinatra

BUNDLED WITH
   1.14.6
