GEM
  remote: https://rubygems.org/
  specs:
    concurrent-ruby (1.0.5)
    faker (1.6.6)
      i18n (~> 0.5)
    i18n (0.9.5)
      concurrent-ruby (~> 1.0)
    intercom (3.5.25)
      json (>= 1.8)
    json (2.1.0)
    mustermann (1.0.2)
    rack (2.0.5)
    rack-protection (2.0.3)
      rack
    sinatra (2.0.3)
      mustermann (~> 1.0)
      rack (~> 2.0)
      rack-protection (= 2.0.3)
      tilt (~> 2.0)
    tilt (2.0.8)

PLATFORMS
  ruby

DEPENDENCIES
  faker (~> 1.6.6)
  intercom (~> 3.5.9)
  sinatra

RUBY VERSION
   ruby 2.5.1p57

BUNDLED WITH
   1.16.2
